PATH
  remote: .
  specs:
    cisco_acl_web (0.0.3)
      cisco_acl_intp (~> 0.0.3)
      haml (~> 4.0.7)
      sinatra (~> 1.4.7)

GEM
  remote: https://rubygems.org/
  specs:
    cisco_acl_intp (0.0.3)
      netaddr (~> 1.5.0)
      term-ansicolor (~> 1.3.0)
    haml (4.0.7)
      tilt
    netaddr (1.5.1)
    rack (1.6.4)
    rack-protection (1.5.3)
      rack
    rake (10.2.2)
    sinatra (1.4.7)
      rack (~> 1.5)
      rack-protection (~> 1.4)
      tilt (>= 1.3, < 3)
    term-ansicolor (1.3.2)
      tins (~> 1.0)
    tilt (2.0.2)
    tins (1.10.1)

PLATFORMS
  ruby

DEPENDENCIES
  bundler (~> 1.11.2)
  cisco_acl_web!
  rake

BUNDLED WITH
   1.11.2
