PATH
  remote: .
  specs:
    cisco_acl_web (0.0.3)
      cisco_acl_intp (~> 0.0.3)
      haml (~> 4.0.5)
      sinatra (~> 1.4.4)

GEM
  remote: https://rubygems.org/
  specs:
    cisco_acl_intp (0.0.3)
      netaddr (~> 1.5.0)
      term-ansicolor (~> 1.3.0)
    haml (4.0.5)
      tilt
    netaddr (1.5.0)
    rack (1.5.2)
    rack-protection (1.5.2)
      rack
    rake (10.2.2)
    sinatra (1.4.4)
      rack (~> 1.4)
      rack-protection (~> 1.4)
      tilt (~> 1.3, >= 1.3.4)
    term-ansicolor (1.3.0)
      tins (~> 1.0)
    tilt (1.4.1)
    tins (1.0.1)

PLATFORMS
  ruby

DEPENDENCIES
  bundler (~> 1.5.3)
  cisco_acl_web!
  rake
